GEM
  remote: https://rubygems.org/
  specs:
    autostacker24 (1.0.68)
      aws-sdk-core (~> 2)
      json (~> 1.8)
      json_pure (~> 1.8)
    aws-sdk (2.2.28)
      aws-sdk-resources (= 2.2.28)
    aws-sdk-core (2.2.28)
      jmespath (~> 1.0)
    aws-sdk-resources (2.2.28)
      aws-sdk-core (= 2.2.28)
    jmespath (1.1.3)
    json (1.8.3)
    json_pure (1.8.3)

PLATFORMS
  ruby

DEPENDENCIES
  autostacker24
  aws-sdk (~> 2)

BUNDLED WITH
   1.11.2
